PATH
  remote: .
  specs:
    arkrb (0.3.0)
      colorize (~> 0.8.1)
      oga (~> 2.14)
      thor (~> 0.20.0)
      yard (~> 0.9.12)

GEM
  remote: https://rubygems.org/
  specs:
    ansi (1.5.0)
    ast (2.4.0)
    coderay (1.1.2)
    colorize (0.8.1)
    method_source (0.9.0)
    minitest (5.11.3)
    oga (2.14)
      ast
      ruby-ll (~> 2.1)
    pry (0.11.3)
      coderay (~> 1.1.0)
      method_source (~> 0.9.0)
    rake (10.5.0)
    ruby-ll (2.1.2)
      ansi
      ast
    thor (0.20.0)
    yard (0.9.12)

PLATFORMS
  ruby

DEPENDENCIES
  arkrb!
  bundler (~> 1.16)
  minitest (~> 5.0)
  pry (~> 0.11.3)
  rake (~> 10.0)
  yard (~> 0.9.12)

BUNDLED WITH
   1.16.1
